GIT
  remote: http://github.com/assaf/uuid.git
  revision: 053e94be93bc540737f745ed92504df104a3b9f1
  specs:
    uuid (2.3.1)
      macaddr (~> 1.0)

GIT
  remote: http://github.com/parasew/acts_as_tree.git
  revision: ed52495d1671c99e1add582628403bf8104e9077
  specs:
    acts_as_tree (1.2.3)

GIT
  remote: http://github.com/thoughtbot/paperclip.git
  revision: aa55b952065f265b83fed0fc24a79799bd12ab8a
  specs:
    paperclip (2.3.8)
      activerecord
      activesupport

GIT
  remote: https://github.com/brianmario/mysql2.git
  revision: d59864159c42c048191f3188604e26ca78a51940
  specs:
    mysql2 (0.2.6)

GIT
  remote: https://github.com/railsdog/searchlogic.git
  revision: 92487f9773b01d27a350c71d0e12fc0124b866b2
  specs:
    rd_searchlogic (3.0.1)
      activerecord (>= 3.0.0)

GEM
  remote: http://rubygems.org/
  specs:
    aaronh-chronic (0.3.9)
    abstract (1.0.0)
    actionmailer (3.0.3)
      actionpack (= 3.0.3)
      mail (~> 2.2.9)
    actionpack (3.0.3)
      activemodel (= 3.0.3)
      activesupport (= 3.0.3)
      builder (~> 2.1.2)
      erubis (~> 2.6.6)
      i18n (~> 0.4)
      rack (~> 1.2.1)
      rack-mount (~> 0.6.13)
      rack-test (~> 0.5.6)
      tzinfo (~> 0.3.23)
    activemodel (3.0.3)
      activesupport (= 3.0.3)
      builder (~> 2.1.2)
      i18n (~> 0.4)
    activerecord (3.0.3)
      activemodel (= 3.0.3)
      activesupport (= 3.0.3)
      arel (~> 2.0.2)
      tzinfo (~> 0.3.23)
    activerecord-import (0.2.5)
      activerecord (~> 3.0.0)
    activeresource (3.0.3)
      activemodel (= 3.0.3)
      activesupport (= 3.0.3)
    activesupport (3.0.3)
    annotate (2.4.0)
    ar_mailer_rails3 (2.1.10)
    arel (2.0.7)
    builder (2.1.2)
    capistrano (2.5.19)
      highline
      net-scp (>= 1.0.0)
      net-sftp (>= 2.0.0)
      net-ssh (>= 2.0.14)
      net-ssh-gateway (>= 1.0.0)
    erubis (2.6.6)
      abstract (>= 1.0.0)
    highline (1.6.1)
    i18n (0.5.0)
    kindeditor (0.0.3)
    linguistics (1.0.8)
    macaddr (1.0.0)
    mail (2.2.15)
      activesupport (>= 2.3.6)
      i18n (>= 0.4.0)
      mime-types (~> 1.16)
      treetop (~> 1.4.8)
    mime-types (1.16)
    mini_magick (3.2)
      subexec (~> 0.0.4)
    net-scp (1.0.4)
      net-ssh (>= 1.99.1)
    net-sftp (2.0.5)
      net-ssh (>= 2.0.9)
    net-ssh (2.1.0)
    net-ssh-gateway (1.0.1)
      net-ssh (>= 1.99.1)
    nokogiri (1.4.4)
    polyglot (0.3.1)
    rack (1.2.1)
    rack-mount (0.6.13)
      rack (>= 1.0.0)
    rack-test (0.5.7)
      rack (>= 1.0)
    rails (3.0.3)
      actionmailer (= 3.0.3)
      actionpack (= 3.0.3)
      activerecord (= 3.0.3)
      activeresource (= 3.0.3)
      activesupport (= 3.0.3)
      bundler (~> 1.0)
      railties (= 3.0.3)
    railties (3.0.3)
      actionpack (= 3.0.3)
      activesupport (= 3.0.3)
      rake (>= 0.8.7)
      thor (~> 0.14.4)
    rake (0.8.7)
    rest-client (1.6.1)
      mime-types (>= 1.16)
    sqlite3 (1.3.3)
    sqlite3-ruby (1.3.3)
      sqlite3 (>= 1.3.3)
    subexec (0.0.4)
    thor (0.14.6)
    treetop (1.4.9)
      polyglot (>= 0.3.1)
    tzinfo (0.3.24)
    whenever (0.6.2)
      aaronh-chronic (>= 0.3.9)
      activesupport (>= 2.3.4)
    will_paginate (3.0.pre2)

PLATFORMS
  ruby

DEPENDENCIES
  activerecord-import (>= 0.2.0)
  acts_as_tree!
  annotate
  ar_mailer_rails3
  capistrano
  kindeditor
  linguistics
  mini_magick
  mysql2!
  nokogiri
  paperclip!
  rails (= 3.0.3)
  rd_searchlogic!
  rest-client
  sqlite3-ruby
  uuid!
  whenever
  will_paginate (~> 3.0.pre2)
